GEM
  remote: https://rubygems.org/
  specs:
    actioncable (8.0.0.rc1)
      actionpack (= 8.0.0.rc1)
      activesupport (= 8.0.0.rc1)
      nio4r (~> 2.0)
      websocket-driver (>= 0.6.1)
      zeitwerk (~> 2.6)
    actionmailbox (8.0.0.rc1)
      actionpack (= 8.0.0.rc1)
      activejob (= 8.0.0.rc1)
      activerecord (= 8.0.0.rc1)
      activestorage (= 8.0.0.rc1)
      activesupport (= 8.0.0.rc1)
      mail (>= 2.8.0)
    actionmailer (8.0.0.rc1)
      actionpack (= 8.0.0.rc1)
      actionview (= 8.0.0.rc1)
      activejob (= 8.0.0.rc1)
      activesupport (= 8.0.0.rc1)
      mail (>= 2.8.0)
      rails-dom-testing (~> 2.2)
    actionpack (8.0.0.rc1)
      actionview (= 8.0.0.rc1)
      activesupport (= 8.0.0.rc1)
      nokogiri (>= 1.8.5)
      rack (>= 2.2.4)
      rack-session (>= 1.0.1)
      rack-test (>= 0.6.3)
      rails-dom-testing (~> 2.2)
      rails-html-sanitizer (~> 1.6)
      useragent (~> 0.16)
    actiontext (8.0.0.rc1)
      actionpack (= 8.0.0.rc1)
      activerecord (= 8.0.0.rc1)
      activestorage (= 8.0.0.rc1)
      activesupport (= 8.0.0.rc1)
      globalid (>= 0.6.0)
      nokogiri (>= 1.8.5)
    actionview (8.0.0.rc1)
      activesupport (= 8.0.0.rc1)
      builder (~> 3.1)
      erubi (~> 1.11)
      rails-dom-testing (~> 2.2)
      rails-html-sanitizer (~> 1.6)
    activejob (8.0.0.rc1)
      activesupport (= 8.0.0.rc1)
      globalid (>= 0.3.6)
    activemodel (8.0.0.rc1)
      activesupport (= 8.0.0.rc1)
    activerecord (8.0.0.rc1)
      activemodel (= 8.0.0.rc1)
      activesupport (= 8.0.0.rc1)
      timeout (>= 0.4.0)
    activestorage (8.0.0.rc1)
      actionpack (= 8.0.0.rc1)
      activejob (= 8.0.0.rc1)
      activerecord (= 8.0.0.rc1)
      activesupport (= 8.0.0.rc1)
      marcel (~> 1.0)
    activesupport (8.0.0.rc1)
      base64
      benchmark (>= 0.3)
      bigdecimal
      concurrent-ruby (~> 1.0, >= 1.3.1)
      connection_pool (>= 2.2.5)
      drb
      i18n (>= 1.6, < 2)
      logger (>= 1.4.2)
      minitest (>= 5.1)
      securerandom (>= 0.3)
      tzinfo (~> 2.0, >= 2.0.5)
      uri (>= 0.13.1)
    addressable (2.8.7)
      public_suffix (>= 2.0.2, < 7.0)
    ast (2.4.2)
    base64 (0.2.0)
    bcrypt (3.1.20)
    bcrypt_pbkdf (1.1.1)
    bcrypt_pbkdf (1.1.1-arm64-darwin)
    bcrypt_pbkdf (1.1.1-x86_64-darwin)
    benchmark (0.3.0)
    better_html (2.1.1)
      actionview (>= 6.0)
      activesupport (>= 6.0)
      ast (~> 2.0)
      erubi (~> 1.4)
      parser (>= 2.4)
      smart_properties
    bigdecimal (3.1.8)
    bindex (0.8.1)
    bootsnap (1.18.4)
      msgpack (~> 1.2)
    brakeman (6.2.2)
      racc
    builder (3.3.0)
    capybara (3.40.0)
      addressable
      matrix
      mini_mime (>= 0.1.3)
      nokogiri (~> 1.11)
      rack (>= 1.6.0)
      rack-test (>= 0.6.3)
      regexp_parser (>= 1.5, < 3.0)
      xpath (~> 3.2)
    childprocess (5.1.0)
      logger (~> 1.5)
    code_analyzer (0.5.5)
      sexp_processor
    concurrent-ruby (1.3.4)
    connection_pool (2.4.1)
    crass (1.0.6)
    csv (3.3.0)
    date (3.3.4)
    debug (1.9.2)
      irb (~> 1.10)
      reline (>= 0.3.8)
    devise (4.9.4)
      bcrypt (~> 3.0)
      orm_adapter (~> 0.1)
      railties (>= 4.1.0)
      responders
      warden (~> 1.2.3)
    dotenv (3.1.4)
    drb (2.2.1)
    ed25519 (1.3.0)
    erb_lint (0.7.0)
      activesupport
      better_html (>= 2.0.1)
      parser (>= 2.7.1.4)
      rainbow
      rubocop (>= 1)
      smart_properties
    erubi (1.13.0)
    erubis (2.7.0)
    et-orbi (1.2.11)
      tzinfo
    exifr (1.4.0)
    flay (2.13.3)
      erubi (~> 1.10)
      path_expander (~> 1.0)
      ruby_parser (~> 3.0)
      sexp_processor (~> 4.0)
    fspath (3.1.2)
    fugit (1.11.1)
      et-orbi (~> 1, >= 1.2.11)
      raabro (~> 1.4)
    globalid (1.2.1)
      activesupport (>= 6.1)
    honeybadger (5.17.0)
      logger
    i18n (1.14.6)
      concurrent-ruby (~> 1.0)
    image_optim (0.31.3)
      exifr (~> 1.2, >= 1.2.2)
      fspath (~> 3.0)
      image_size (>= 1.5, < 4)
      in_threads (~> 1.3)
      progress (~> 3.0, >= 3.0.1)
    image_optim_pack (0.11.1.20240914)
      fspath (>= 2.1, < 4)
      image_optim (~> 0.19)
    image_optim_pack (0.11.1.20240914-x86_64-darwin)
      fspath (>= 2.1, < 4)
      image_optim (~> 0.19)
    image_optim_pack (0.11.1.20240914-x86_64-linux)
      fspath (>= 2.1, < 4)
      image_optim (~> 0.19)
    image_optim_rails (0.5.0)
      image_optim (~> 0.24)
      railties
      sprockets
    image_size (3.4.0)
    importmap-rails (2.0.3)
      actionpack (>= 6.0.0)
      activesupport (>= 6.0.0)
      railties (>= 6.0.0)
    in_threads (1.6.0)
    iniparse (1.5.0)
    io-console (0.7.2)
    irb (1.14.1)
      rdoc (>= 4.0.0)
      reline (>= 0.4.2)
    jbuilder (2.13.0)
      actionview (>= 5.0.0)
      activesupport (>= 5.0.0)
    json (2.7.3)
    kamal (2.2.2)
      activesupport (>= 7.0)
      base64 (~> 0.2)
      bcrypt_pbkdf (~> 1.0)
      concurrent-ruby (~> 1.2)
      dotenv (~> 3.1)
      ed25519 (~> 1.2)
      net-ssh (~> 7.0)
      sshkit (>= 1.23.0, < 2.0)
      thor (~> 1.3)
      zeitwerk (~> 2.5)
    language_server-protocol (3.17.0.3)
    license_finder (7.2.1)
      bundler
      csv (~> 3.2)
      rubyzip (>= 1, < 3)
      thor (~> 1.2)
      tomlrb (>= 1.3, < 2.1)
      with_env (= 1.1.0)
      xml-simple (~> 1.1.9)
    logger (1.6.1)
    loofah (2.22.0)
      crass (~> 1.0.2)
      nokogiri (>= 1.12.0)
    mail (2.8.1)
      mini_mime (>= 0.1.1)
      net-imap
      net-pop
      net-smtp
    marcel (1.0.4)
    matrix (0.4.2)
    mini_mime (1.1.5)
    minitest (5.25.1)
    msgpack (1.7.3)
    net-imap (0.5.0)
      date
      net-protocol
    net-pop (0.1.2)
      net-protocol
    net-protocol (0.2.2)
      timeout
    net-scp (4.0.0)
      net-ssh (>= 2.6.5, < 8.0.0)
    net-sftp (4.0.0)
      net-ssh (>= 5.0.0, < 8.0.0)
    net-smtp (0.5.0)
      net-protocol
    net-ssh (7.3.0)
    nio4r (2.7.3)
    nokogiri (1.16.7-aarch64-linux)
      racc (~> 1.4)
    nokogiri (1.16.7-arm-linux)
      racc (~> 1.4)
    nokogiri (1.16.7-arm64-darwin)
      racc (~> 1.4)
    nokogiri (1.16.7-x86-linux)
      racc (~> 1.4)
    nokogiri (1.16.7-x86_64-darwin)
      racc (~> 1.4)
    nokogiri (1.16.7-x86_64-linux)
      racc (~> 1.4)
    orm_adapter (0.5.0)
    ostruct (0.6.0)
    overcommit (0.64.0)
      childprocess (>= 0.6.3, < 6)
      iniparse (~> 1.4)
      rexml (~> 3.2)
    parallel (1.26.3)
    parser (3.3.5.0)
      ast (~> 2.4.1)
      racc
    path_expander (1.1.3)
    pg (1.5.8)
    progress (3.6.0)
    psych (5.1.2)
      stringio
    public_suffix (6.0.1)
    puma (6.4.3)
      nio4r (~> 2.0)
    raabro (1.4.0)
    racc (1.8.1)
    rack (3.1.8)
    rack-session (2.0.0)
      rack (>= 3.0.0)
    rack-test (2.1.0)
      rack (>= 1.3)
    rackup (2.1.0)
      rack (>= 3)
      webrick (~> 1.8)
    rails (8.0.0.rc1)
      actioncable (= 8.0.0.rc1)
      actionmailbox (= 8.0.0.rc1)
      actionmailer (= 8.0.0.rc1)
      actionpack (= 8.0.0.rc1)
      actiontext (= 8.0.0.rc1)
      actionview (= 8.0.0.rc1)
      activejob (= 8.0.0.rc1)
      activemodel (= 8.0.0.rc1)
      activerecord (= 8.0.0.rc1)
      activestorage (= 8.0.0.rc1)
      activesupport (= 8.0.0.rc1)
      bundler (>= 1.15.0)
      railties (= 8.0.0.rc1)
    rails-dom-testing (2.2.0)
      activesupport (>= 5.0.0)
      minitest
      nokogiri (>= 1.6)
    rails-html-sanitizer (1.6.0)
      loofah (~> 2.21)
      nokogiri (~> 1.14)
    rails_best_practices (1.23.2)
      activesupport
      code_analyzer (~> 0.5.5)
      erubis
      i18n
      json
      require_all (~> 3.0)
      ruby-progressbar
    rails_heroicon (2.3.0)
      actionview
      railties
    rails_real_favicon (0.1.1)
      json (>= 1.7, < 3)
      rails
      rubyzip (~> 2)
    railties (8.0.0.rc1)
      actionpack (= 8.0.0.rc1)
      activesupport (= 8.0.0.rc1)
      irb (~> 1.13)
      rackup (>= 1.0.0)
      rake (>= 12.2)
      thor (~> 1.0, >= 1.2.2)
      zeitwerk (~> 2.6)
    rainbow (3.1.1)
    rake (13.2.1)
    rdoc (6.7.0)
      psych (>= 4.0.0)
    regexp_parser (2.9.2)
    reline (0.5.10)
      io-console (~> 0.5)
    require_all (3.0.0)
    responders (3.1.1)
      actionpack (>= 5.2)
      railties (>= 5.2)
    rexml (3.3.9)
    rubocop (1.67.0)
      json (~> 2.3)
      language_server-protocol (>= 3.17.0)
      parallel (~> 1.10)
      parser (>= 3.3.0.2)
      rainbow (>= 2.2.2, < 4.0)
      regexp_parser (>= 2.4, < 3.0)
      rubocop-ast (>= 1.32.2, < 2.0)
      ruby-progressbar (~> 1.7)
      unicode-display_width (>= 2.4.0, < 3.0)
    rubocop-ast (1.32.3)
      parser (>= 3.3.1.0)
    rubocop-minitest (0.36.0)
      rubocop (>= 1.61, < 2.0)
      rubocop-ast (>= 1.31.1, < 2.0)
    rubocop-performance (1.22.1)
      rubocop (>= 1.48.1, < 2.0)
      rubocop-ast (>= 1.31.1, < 2.0)
    rubocop-rails (2.26.2)
      activesupport (>= 4.2.0)
      rack (>= 1.1)
      rubocop (>= 1.52.0, < 2.0)
      rubocop-ast (>= 1.31.1, < 2.0)
    rubocop-rails-omakase (1.0.0)
      rubocop
      rubocop-minitest
      rubocop-performance
      rubocop-rails
    ruby-progressbar (1.13.0)
    ruby_parser (3.21.1)
      racc (~> 1.5)
      sexp_processor (~> 4.16)
    rubyzip (2.3.2)
    securerandom (0.3.1)
    selenium-webdriver (4.25.0)
      base64 (~> 0.2)
      logger (~> 1.4)
      rexml (~> 3.2, >= 3.2.5)
      rubyzip (>= 1.2.2, < 3.0)
      websocket (~> 1.0)
    sexp_processor (4.17.2)
    smart_properties (1.17.0)
    solid_cable (3.0.2)
      actioncable (>= 7.2)
      activejob (>= 7.2)
      activerecord (>= 7.2)
      railties (>= 7.2)
    solid_cache (1.0.6)
      activejob (>= 7.2)
      activerecord (>= 7.2)
      railties (>= 7.2)
    solid_queue (1.0.0)
      activejob (>= 7.1)
      activerecord (>= 7.1)
      concurrent-ruby (>= 1.3.1)
      fugit (~> 1.11.0)
      railties (>= 7.1)
      thor (~> 1.3.1)
    sprockets (4.2.1)
      concurrent-ruby (~> 1.0)
      rack (>= 2.2.4, < 4)
    sprockets-rails (3.5.2)
      actionpack (>= 6.1)
      activesupport (>= 6.1)
      sprockets (>= 3.0.0)
    sshkit (1.23.2)
      base64
      net-scp (>= 1.1.2)
      net-sftp (>= 2.1.2)
      net-ssh (>= 2.8.0)
      ostruct
    stimulus-rails (1.3.4)
      railties (>= 6.0.0)
    stringio (3.1.1)
    tailwindcss-rails (3.0.0)
      railties (>= 7.0.0)
      tailwindcss-ruby
    tailwindcss-ruby (3.4.14)
    tailwindcss-ruby (3.4.14-aarch64-linux)
    tailwindcss-ruby (3.4.14-arm-linux)
    tailwindcss-ruby (3.4.14-arm64-darwin)
    tailwindcss-ruby (3.4.14-x86_64-darwin)
    tailwindcss-ruby (3.4.14-x86_64-linux)
    thor (1.3.2)
    thruster (0.1.8)
    thruster (0.1.8-aarch64-linux)
    thruster (0.1.8-arm64-darwin)
    thruster (0.1.8-x86_64-darwin)
    thruster (0.1.8-x86_64-linux)
    timeout (0.4.1)
    tomlrb (2.0.3)
    turbo-rails (2.0.11)
      actionpack (>= 6.0.0)
      railties (>= 6.0.0)
    tzinfo (2.0.6)
      concurrent-ruby (~> 1.0)
    unicode-display_width (2.6.0)
    uri (0.13.1)
    useragent (0.16.10)
    warden (1.2.9)
      rack (>= 2.0.9)
    web-console (4.2.1)
      actionview (>= 6.0.0)
      activemodel (>= 6.0.0)
      bindex (>= 0.4.0)
      railties (>= 6.0.0)
    webrick (1.8.2)
    websocket (1.2.11)
    websocket-driver (0.7.6)
      websocket-extensions (>= 0.1.0)
    websocket-extensions (0.1.5)
    with_env (1.1.0)
    xml-simple (1.1.9)
      rexml
    xpath (3.2.0)
      nokogiri (~> 1.8)
    zeitwerk (2.7.1)

PLATFORMS
  aarch64-linux
  arm-linux
  arm64-darwin
  x86-linux
  x86_64-darwin
  x86_64-linux

DEPENDENCIES
  bootsnap
  brakeman
  capybara
  csv
  debug
  devise
  dotenv
  erb_lint
  flay
  honeybadger
  image_optim_pack
  image_optim_rails
  importmap-rails
  jbuilder
  kamal (>= 2.0.0.rc2)
  license_finder
  overcommit
  pg (~> 1.1)
  puma (>= 5.0)
  rails (~> 8.0.0.rc1)
  rails_best_practices
  rails_heroicon
  rails_real_favicon
  rubocop-rails-omakase
  selenium-webdriver
  solid_cable
  solid_cache
  solid_queue
  sprockets-rails
  stimulus-rails
  tailwindcss-rails
  thruster
  turbo-rails
  tzinfo-data
  web-console

BUNDLED WITH
   2.5.16
